PATH
  remote: .
  specs:
    mini_graph (0.2.0)

GEM
  remote: https://rubygems.org/
  specs:
    minitest (5.16.3)
    rake (13.0.6)

PLATFORMS
  ruby

DEPENDENCIES
  bundler (~> 2)
  mini_graph!
  minitest (~> 5.16)
  rake (~> 13.0)

BUNDLED WITH
   2.1.4
